GEM
  remote: https://rubygems.org/
  specs:
    byebug (11.1.1)
    rmagick (4.1.1)

PLATFORMS
  ruby

DEPENDENCIES
  byebug (~> 11.1)
  rmagick

BUNDLED WITH
   1.17.2
